GIT
  remote: git://github.com/suyccom/hobo-metasearch
  revision: 2ee3c30eaabf8140801efae8cadb3f431405b42e
  specs:
    hobo-metasearch (0.1)
      ransack

PATH
  remote: ../../hobo
  specs:
    dryml (2.2.5)
      actionpack
      haml
      hobo_support (= 2.2.5)
    hobo (2.2.5)
      dryml (= 2.2.5)
      haml
      hobo_fields (= 2.2.5)
      hobo_support (= 2.2.5)
      hobo_will_paginate
    hobo_fields (2.2.5)
      hobo_support (= 2.2.5)
    hobo_jquery (2.2.5)
      hobo_rapid (= 2.2.5)
      jquery-rails (~> 2.0)
    hobo_jquery_ui (2.2.5)
      hobo (= 2.2.5)
      hobo_jquery (= 2.2.5)
      jquery-ui-themes (~> 0.0.4)
    hobo_rapid (2.2.5)
      hobo (= 2.2.5)
    hobo_support (2.2.5)
      rails (~> 4.2.4)

PATH
  remote: ../../hobo_bootstrap
  specs:
    hobo_bootstrap (2.2.5)
      bootstrap-sass (~> 2.1)
      hobo_jquery (>= 2.0)
      hobo_will_paginate-bootstrap

PATH
  remote: ../../hobo_bootstrap_ui
  specs:
    hobo_bootstrap_ui (2.2.5)
      bootstrap-datepicker-rails
      hobo_bootstrap (>= 2.0)

GEM
  remote: https://rubygems.org/
  specs:
    actionmailer (4.2.4)
      actionpack (= 4.2.4)
      actionview (= 4.2.4)
      activejob (= 4.2.4)
      mail (~> 2.5, >= 2.5.4)
      rails-dom-testing (~> 1.0, >= 1.0.5)
    actionpack (4.2.4)
      actionview (= 4.2.4)
      activesupport (= 4.2.4)
      rack (~> 1.6)
      rack-test (~> 0.6.2)
      rails-dom-testing (~> 1.0, >= 1.0.5)
      rails-html-sanitizer (~> 1.0, >= 1.0.2)
    actionview (4.2.4)
      activesupport (= 4.2.4)
      builder (~> 3.1)
      erubis (~> 2.7.0)
      rails-dom-testing (~> 1.0, >= 1.0.5)
      rails-html-sanitizer (~> 1.0, >= 1.0.2)
    activejob (4.2.4)
      activesupport (= 4.2.4)
      globalid (>= 0.3.0)
    activemodel (4.2.4)
      activesupport (= 4.2.4)
      builder (~> 3.1)
    activerecord (4.2.4)
      activemodel (= 4.2.4)
      activesupport (= 4.2.4)
      arel (~> 6.0)
    activesupport (4.2.4)
      i18n (~> 0.7)
      json (~> 1.7, >= 1.7.7)
      minitest (~> 5.1)
      thread_safe (~> 0.3, >= 0.3.4)
      tzinfo (~> 1.1)
    arel (6.0.3)
    better_errors (2.1.1)
      coderay (>= 1.0.0)
      erubis (>= 2.6.6)
      rack (>= 0.9.0)
    binding_of_caller (0.7.2)
      debug_inspector (>= 0.0.1)
    bootstrap-datepicker-rails (1.6.0)
      railties (>= 3.0)
    bootstrap-sass (2.3.2.2)
      sass (~> 3.2)
    bootswatch-rails (0.5.0)
      railties (>= 3.1)
    builder (3.2.2)
    byebug (6.0.2)
    coderay (1.1.0)
    coffee-rails (4.1.0)
      coffee-script (>= 2.2.0)
      railties (>= 4.0.0, < 5.0)
    coffee-script (2.4.1)
      coffee-script-source
      execjs
    coffee-script-source (1.9.1.1)
    concurrent-ruby (1.0.1)
    debug_inspector (0.0.2)
    erubis (2.7.0)
    execjs (2.6.0)
    fastclick-rails (1.0.1)
    globalid (0.3.6)
      activesupport (>= 4.1.0)
    haml (4.0.6)
      tilt
    hobo_will_paginate (2.1.1)
    hobo_will_paginate-bootstrap (1.0.0)
      hobo_will_paginate
    httparty (0.13.5)
      json (~> 1.8)
      multi_xml (>= 0.5.2)
    i18n (0.7.0)
    jbuilder (2.3.1)
      activesupport (>= 3.0.0, < 5)
      multi_json (~> 1.2)
    jquery-rails (2.3.0)
      railties (>= 3.0, < 5.0)
      thor (>= 0.14, < 2.0)
    jquery-ui-themes (0.0.11)
      httparty
    json (1.8.3)
    loofah (2.0.3)
      nokogiri (>= 1.5.9)
    mail (2.6.3)
      mime-types (>= 1.16, < 3)
    material_icons (2.0.1)
      railties (>= 3.2)
    mime-types (2.6.1)
    mini_portile2 (2.0.0)
    minitest (5.8.4)
    multi_json (1.11.2)
    multi_xml (0.5.5)
    nokogiri (1.6.7.2)
      mini_portile2 (~> 2.0.0.rc2)
    polyamorous (1.3.0)
      activerecord (>= 3.0)
    protected_attributes (1.1.3)
      activemodel (>= 4.0.1, < 5.0)
    quiet_assets (1.1.0)
      railties (>= 3.1, < 5.0)
    rack (1.6.4)
    rack-test (0.6.3)
      rack (>= 1.0)
    rails (4.2.4)
      actionmailer (= 4.2.4)
      actionpack (= 4.2.4)
      actionview (= 4.2.4)
      activejob (= 4.2.4)
      activemodel (= 4.2.4)
      activerecord (= 4.2.4)
      activesupport (= 4.2.4)
      bundler (>= 1.3.0, < 2.0)
      railties (= 4.2.4)
      sprockets-rails
    rails-deprecated_sanitizer (1.0.3)
      activesupport (>= 4.2.0.alpha)
    rails-dom-testing (1.0.7)
      activesupport (>= 4.2.0.beta, < 5.0)
      nokogiri (~> 1.6.0)
      rails-deprecated_sanitizer (>= 1.0.1)
    rails-html-sanitizer (1.0.3)
      loofah (~> 2.0)
    railties (4.2.4)
      actionpack (= 4.2.4)
      activesupport (= 4.2.4)
      rake (>= 0.8.7)
      thor (>= 0.18.1, < 2.0)
    rake (10.4.2)
    ransack (1.7.0)
      actionpack (>= 3.0)
      activerecord (>= 3.0)
      activesupport (>= 3.0)
      i18n
      polyamorous (~> 1.2)
    rdoc (4.2.0)
      json (~> 1.4)
    render_csv (2.0.0)
      rails (>= 3.0)
    responders (2.1.0)
      railties (>= 4.2.0, < 5)
    sass (3.4.18)
    sass-rails (5.0.4)
      railties (>= 4.0.0, < 5.0)
      sass (~> 3.1)
      sprockets (>= 2.8, < 4.0)
      sprockets-rails (>= 2.0, < 4.0)
      tilt (>= 1.1, < 3)
    sdoc (0.4.1)
      json (~> 1.7, >= 1.7.7)
      rdoc (~> 4.0)
    spring (1.4.0)
    sprockets (3.5.2)
      concurrent-ruby (~> 1.0)
      rack (> 1, < 3)
    sprockets-rails (3.0.4)
      actionpack (>= 4.0)
      activesupport (>= 4.0)
      sprockets (>= 3.0.0)
    sqlite3 (1.3.10)
    thor (0.19.1)
    thread_safe (0.3.5)
    tilt (2.0.1)
    turbolinks (2.5.3)
      coffee-rails
    tzinfo (1.2.2)
      thread_safe (~> 0.1)
    uglifier (2.7.2)
      execjs (>= 0.3.0)
      json (>= 1.8.0)
    web-console (2.2.1)
      activemodel (>= 4.0)
      binding_of_caller (>= 0.7.2)
      railties (>= 4.0)
      sprockets-rails (>= 2.0, < 4.0)

PLATFORMS
  ruby

DEPENDENCIES
  better_errors
  binding_of_caller
  bootswatch-rails (= 0.5.0)
  byebug
  coffee-rails (~> 4.1.0)
  fastclick-rails
  haml
  hobo!
  hobo-metasearch!
  hobo_bootstrap!
  hobo_bootstrap_ui!
  hobo_jquery_ui (= 2.2.5)
  hobo_will_paginate
  jbuilder (~> 2.0)
  jquery-rails
  jquery-ui-themes (~> 0.0.4)
  material_icons
  protected_attributes
  quiet_assets
  rails (= 4.2.4)
  render_csv
  responders (~> 2.0)
  sass-rails (~> 5.0)
  sdoc (~> 0.4.0)
  spring
  sprockets-rails (~> 3.0)
  sqlite3
  turbolinks
  uglifier (>= 1.3.0)
  web-console (~> 2.0)
